GEM
  remote: https://rubygems.org/
  specs:
    base64 (0.2.0)
    colorize (1.1.0)
    event_emitter (0.2.6)
    json (2.9.1)
    mutex_m (0.3.0)
    securerandom (0.4.1)
    socksify (1.7.1)
    uri (1.0.2)
    websocket (1.2.11)
    websocket-client-simple (0.9.0)
      base64
      event_emitter
      mutex_m
      websocket

PLATFORMS
  x86_64-linux

DEPENDENCIES
  colorize
  json
  securerandom
  socksify
  uri
  websocket-client-simple

BUNDLED WITH
   2.4.20
